PATH
  remote: .
  specs:
    magnus_multi_build (0.1.0)
      rb_sys (= 0.9.102)

GEM
  remote: https://rubygems.org/
  specs:
    minitest (5.25.5)
    rake (13.0.6)
    rake-compiler (1.2.7)
      rake
    rb_sys (0.9.102)

PLATFORMS
  x86_64-linux

DEPENDENCIES
  magnus_multi_build!
  minitest (~> 5.0)
  rake (= 13.0.6)
  rake-compiler (= 1.2.7)

BUNDLED WITH
   2.4.14
