PATH
  remote: .
  specs:
    magnus_multi_build (0.1.0)
      rb_sys (= 0.9.116)

GEM
  remote: https://rubygems.org/
  specs:
    minitest (5.25.5)
    rake (13.0.6)
    rake-compiler (1.2.7)
      rake
    rake-compiler-dock (1.9.1)
    rb_sys (0.9.116)
      rake-compiler-dock (= 1.9.1)

PLATFORMS
  x86_64-darwin-19
  x86_64-darwin-24
  x86_64-linux

DEPENDENCIES
  magnus_multi_build!
  minitest (~> 5.0)
  rake (= 13.0.6)
  rake-compiler (= 1.2.7)
  rb_sys (= 0.9.116)

BUNDLED WITH
   2.4.14
